GEM
  remote: http://rubygems.org/
  specs:
    coffee-script (2.2.0)
      coffee-script-source
      execjs
    coffee-script-source (1.1.2)
    execjs (2.8.1)
    growl (1.0.3)
    guard (0.6.2)
      thor (~> 0.14.6)
    guard-coffeescript (0.3.3)
      coffee-script (>= 2.2.0)
      guard (>= 0.4)
    guard-process (1.0.1)
      guard (>= 0.4.2)
    guard-uglify (0.1.0)
      guard (>= 0.2.2)
      uglifier
    rb-fsevent (0.4.1)
    thor (0.14.6)
    uglifier (4.2.0)
      execjs (>= 0.3.0, < 3)

PLATFORMS
  ruby

DEPENDENCIES
  growl
  guard
  guard-coffeescript
  guard-process
  guard-uglify
  rb-fsevent
